GIT
  remote: git@github.com:thoughtbot/neat.git
  revision: 4cc5a327b4af7d6d6d01505b875639890a4bf2c4
  specs:
    neat (1.7.0)
      bourbon (>= 4.0)
      sass (>= 3.3)

GEM
  remote: http://rubygems.org/
  specs:
    bourbon (4.0.2)
      sass (~> 3.3)
      thor
    sass (3.4.6)
    thor (0.19.1)

PLATFORMS
  ruby

DEPENDENCIES
  neat!
