GIT
  remote: git@github.com:thoughtbot/neat.git
  revision: bff08df8fec78f1186428aaea49ab79f3a87b398
  specs:
    neat (1.7.1)
      bourbon (>= 4.0)
      sass (>= 3.3)

GEM
  remote: http://rubygems.org/
  specs:
    bourbon (4.2.0)
      sass (~> 3.4)
      thor
    sass (3.4.11)
    thor (0.19.1)

PLATFORMS
  ruby

DEPENDENCIES
  neat!
  sass (~> 3.4.11)
