GIT
  remote: git@github.com:thoughtbot/neat.git
  revision: f1a5ef8c4fa0de6cb63422725ba948b0e3b244ac
  specs:
    neat (1.7.0)
      bourbon (>= 4.0)
      sass (>= 3.3)

GEM
  remote: http://rubygems.org/
  specs:
    bourbon (4.0.2)
      sass (~> 3.3)
      thor
    sass (3.4.6)
    thor (0.19.1)

PLATFORMS
  ruby

DEPENDENCIES
  neat!
