GIT
  remote: git@github.com:thoughtbot/neat.git
  revision: 3485c3148203ffdc10f65bd136b096e0d75eee99
  specs:
    neat (1.7.2)
      bourbon (>= 4.0)
      sass (>= 3.3)

GEM
  remote: http://rubygems.org/
  specs:
    bourbon (4.2.1)
      sass (~> 3.4)
      thor
    sass (3.4.13)
    thor (0.19.1)

PLATFORMS
  ruby

DEPENDENCIES
  neat!
  sass (~> 3.4.11)
