GIT
  remote: git@github.com:thoughtbot/neat.git
  revision: 0bd8027f7f29aa19e17df1205fa8f5cba1ab68a3
  specs:
    neat (1.8.0)
      sass (>= 3.3)
      thor (~> 0.19)

GEM
  remote: http://rubygems.org/
  specs:
    sass (3.4.22)
    thor (0.19.1)

PLATFORMS
  ruby

DEPENDENCIES
  neat!
  sass (~> 3.4.11)

BUNDLED WITH
   1.12.5
